GEM
  remote: http://rubygems.org/
  specs:
    rake (0.9.2.2)
    shoulda-context (1.0.0)

PLATFORMS
  java

DEPENDENCIES
  rake
  shoulda-context
